PATH
  remote: .
  specs:
    inch_by_inch (1.0.1)
      inch (~> 0.8)
      rake

GEM
  remote: https://rubygems.org/
  specs:
    ast (2.1.0)
    astrolabe (1.3.1)
      parser (~> 2.2)
    coderay (1.1.3)
    inch (0.8.0)
      pry
      sparkr (>= 0.2.0)
      term-ansicolor
      yard (~> 0.9.12)
    method_source (1.0.0)
    parser (2.2.3.0)
      ast (>= 1.1, < 3.0)
    powerpack (0.1.1)
    pry (0.13.1)
      coderay (~> 1.1)
      method_source (~> 1.0)
    rainbow (2.0.0)
    rake (13.0.3)
    rubocop (0.35.1)
      astrolabe (~> 1.3)
      parser (>= 2.2.3.0, < 3.0)
      powerpack (~> 0.1)
      rainbow (>= 1.99.1, < 3.0)
      ruby-progressbar (~> 1.7)
      tins (<= 1.6.0)
    ruby-progressbar (1.7.5)
    sparkr (0.4.1)
    term-ansicolor (1.7.1)
      tins (~> 1.0)
    tins (1.6.0)
    yard (0.9.26)

PLATFORMS
  ruby

DEPENDENCIES
  inch_by_inch!
  rubocop

BUNDLED WITH
   2.2.8
